GEM
  remote: https://rubygems.org/
  specs:
    chunky_png (1.3.8)

PLATFORMS
  ruby

DEPENDENCIES
  chunky_png

RUBY VERSION
   ruby 2.4.0p0

BUNDLED WITH
   1.13.7
